GEM
  remote: http://rubygems.org/
  specs:
    actionmailer (2.3.11)
      actionpack (= 2.3.11)
    actionpack (2.3.11)
      activesupport (= 2.3.11)
      rack (~> 1.1.0)
    activerecord (2.3.11)
      activesupport (= 2.3.11)
    activeresource (2.3.11)
      activesupport (= 2.3.11)
    activesupport (2.3.11)
    builder (3.0.0)
    cancan (1.3.4)
    configuration (1.2.0)
    cucumber (0.10.0)
      builder (>= 2.1.2)
      diff-lcs (~> 1.1.2)
      gherkin (~> 2.3.2)
      json (~> 1.4.6)
      term-ansicolor (~> 1.0.5)
    cucumber-rails (0.3.2)
      cucumber (>= 0.8.0)
    daemons (1.1.0)
    database_cleaner (0.6.3)
    diff-lcs (1.1.2)
    email_spec (0.6.5)
    eventmachine (0.12.10)
    facets (2.9.0)
    factory_girl (1.3.3)
    fastercsv (1.5.4)
    gherkin (2.3.3)
      json (~> 1.4.6)
    haml (3.0.25)
    json (1.4.6)
    launchy (0.3.7)
      configuration (>= 0.0.5)
      rake (>= 0.8.1)
    nokogiri (1.4.4.1-x86-mingw32)
    rack (1.1.0)
    rack-test (0.5.7)
      rack (>= 1.0)
    rails (2.3.11)
      actionmailer (= 2.3.11)
      actionpack (= 2.3.11)
      activerecord (= 2.3.11)
      activeresource (= 2.3.11)
      activesupport (= 2.3.11)
      rake (>= 0.8.3)
    rake (0.8.7)
    rcov (0.9.9)
    rspec (1.3.1)
    rspec-rails (1.3.3)
      rack (>= 1.0.0)
      rspec (= 1.3.1)
    ruby-net-ldap (0.0.4)
    rubycas-client (2.2.1)
      activesupport
    selenium-client (1.2.18)
    shoulda (2.11.3)
    sqlite3-ruby (1.3.2-x86-mingw32)
    term-ansicolor (1.0.5)
    thin (1.2.7)
      daemons (>= 1.0.9)
      eventmachine (>= 0.12.6)
      rack (>= 1.0.0)
    ucb_ldap (1.4.2)
      ruby-net-ldap (>= 0.0.4)
    validates_existence (0.5.5)
    validates_timeliness (2.3.2)
    webrat (0.7.3)
      nokogiri (>= 1.2.0)
      rack (>= 1.0)
      rack-test (>= 0.5.3)
    win32console (1.3.0)

PLATFORMS
  x86-mingw32

DEPENDENCIES
  cancan (= 1.3.4)
  cucumber
  cucumber-rails
  database_cleaner
  email_spec (= 0.6.5)
  facets
  factory_girl
  fastercsv
  haml
  launchy
  rails (= 2.3.11)
  rcov
  rspec (= 1.3.1)
  rspec-rails (= 1.3.3)
  ruby-net-ldap
  rubycas-client
  selenium-client
  shoulda
  sqlite3-ruby
  thin
  ucb_ldap
  validates_existence
  validates_timeliness (= 2.3.2)
  webrat
  win32console
