GEM
  remote: http://rubygems.org/
  specs:
    actionmailer (2.3.10)
      actionpack (= 2.3.10)
    actionpack (2.3.10)
      activesupport (= 2.3.10)
      rack (~> 1.1.0)
    activerecord (2.3.10)
      activesupport (= 2.3.10)
    activeresource (2.3.10)
      activesupport (= 2.3.10)
    activesupport (2.3.10)
    builder (3.0.0)
    cancan (1.3.4)
    configuration (1.2.0)
    cucumber (0.8.0)
      builder (>= 2.1.2)
      diff-lcs (>= 1.1.2)
      gherkin (>= 1.0.30)
      json_pure (>= 1.4.3)
      term-ansicolor (>= 1.0.4)
    cucumber-rails (0.3.2)
      cucumber (>= 0.8.0)
    database_cleaner (0.6.0)
    diff-lcs (1.1.2)
    email_spec (0.6.5)
    facets (2.9.0)
    factory_girl (1.3.2)
    fastercsv (1.5.3)
    gherkin (1.0.30)
      trollop (>= 1.16.2)
    haml (3.0.25)
    json_pure (1.4.6)
    launchy (0.3.7)
      configuration (>= 0.0.5)
      rake (>= 0.8.1)
    nokogiri (1.4.4.1-x86-mingw32)
    rack (1.1.0)
    rack-test (0.5.6)
      rack (>= 1.0)
    rails (2.3.10)
      actionmailer (= 2.3.10)
      actionpack (= 2.3.10)
      activerecord (= 2.3.10)
      activeresource (= 2.3.10)
      activesupport (= 2.3.10)
      rake (>= 0.8.3)
    rake (0.8.7)
    rcov (0.9.9)
    rspec (1.3.1)
    rspec-rails (1.3.3)
      rack (>= 1.0.0)
      rspec (= 1.3.1)
    ruby-net-ldap (0.0.4)
    rubycas-client (2.2.1)
      activesupport
    shoulda (2.11.3)
    sqlite3-ruby (1.3.2-x86-mingw32)
    term-ansicolor (1.0.5)
    trollop (1.16.2)
    ucb_ldap (1.4.2)
      ruby-net-ldap (>= 0.0.4)
    validates_existence (0.5.5)
    validates_timeliness (2.3.2)
    webrat (0.7.2)
      nokogiri (>= 1.2.0)
      rack (>= 1.0)
      rack-test (>= 0.5.3)

PLATFORMS
  x86-mingw32

DEPENDENCIES
  cancan (= 1.3.4)
  cucumber (= 0.8.0)
  cucumber-rails (>= 0.3.2)
  database_cleaner (>= 0.5.0)
  email_spec (= 0.6.5)
  facets
  factory_girl
  fastercsv
  haml
  launchy
  rails (= 2.3.10)
  rcov
  rspec (= 1.3.1)
  rspec-rails (= 1.3.3)
  ruby-net-ldap
  rubycas-client
  shoulda
  sqlite3-ruby
  ucb_ldap
  validates_existence
  validates_timeliness (= 2.3.2)
  webrat (>= 0.7.0)
